GEM
  remote: https://rubygems.org/
  specs:

PLATFORMS
  ruby
  x64-mingw-ucrt
  x86_64-linux

DEPENDENCIES

BUNDLED WITH
   2.5.6
